NUGET
  remote: https://www.nuget.org/api/v2
    Deedle (1.2.5)
